GIT
  remote: https://github.com/elight/acts_as_commentable_with_threading.git
  revision: 80e4934df4935a378cd5cac5bb454b16aca7f344
  specs:
    acts_as_commentable_with_threading (1.1.2)
      activerecord (>= 3.0)
      activesupport (~> 3.0)
      awesome_nested_set (>= 2.0)

GEM
  remote: https://rubygems.org/
  specs:
    actionmailer (3.2.3)
      actionpack (= 3.2.3)
      mail (~> 2.4.4)
    actionpack (3.2.3)
      activemodel (= 3.2.3)
      activesupport (= 3.2.3)
      builder (~> 3.0.0)
      erubis (~> 2.7.0)
      journey (~> 1.0.1)
      rack (~> 1.4.0)
      rack-cache (~> 1.2)
      rack-test (~> 0.6.1)
      sprockets (~> 2.1.2)
    activemodel (3.2.3)
      activesupport (= 3.2.3)
      builder (~> 3.0.0)
    activerecord (3.2.3)
      activemodel (= 3.2.3)
      activesupport (= 3.2.3)
      arel (~> 3.0.2)
      tzinfo (~> 0.3.29)
    activeresource (3.2.3)
      activemodel (= 3.2.3)
      activesupport (= 3.2.3)
    activesupport (3.2.3)
      i18n (~> 0.6)
      multi_json (~> 1.0)
    addressable (2.2.8)
    airbrake (3.1.1)
      activesupport
      builder
    ansi (1.4.2)
    arel (3.0.2)
    awesome_nested_set (2.1.3)
      activerecord (>= 3.0.0)
    awesome_print (1.0.2)
    bcrypt-ruby (3.0.1)
    builder (3.0.0)
    coffee-rails (3.2.2)
      coffee-script (>= 2.2.0)
      railties (~> 3.2.0)
    coffee-script (2.2.0)
      coffee-script-source
      execjs
    coffee-script-source (1.3.3)
    css_parser (1.2.6)
      addressable
      rdoc
    daemons (1.1.8)
    delayed_job (3.0.3)
      activesupport (~> 3.0)
    delayed_job_active_record (0.2.2)
      activerecord (> 2.1.0)
      delayed_job (~> 3.0.0.pre)
    devise (2.1.2)
      bcrypt-ruby (~> 3.0)
      orm_adapter (~> 0.1)
      railties (~> 3.1)
      warden (~> 1.2.1)
    diff-lcs (1.1.3)
    erubis (2.7.0)
    eventmachine (0.12.10)
    exceptional (2.0.32)
      rack
    excon (0.14.1)
    execjs (1.4.0)
      multi_json (~> 1.0)
    factory_girl (3.3.0)
      activesupport (>= 3.0.0)
    factory_girl_rails (3.3.0)
      factory_girl (~> 3.3.0)
      railties (>= 3.0.0)
    heroku (2.28.0)
      heroku-api (~> 0.2.5)
      launchy (>= 0.3.2)
      netrc (~> 0.7.4)
      rest-client (~> 1.6.1)
      rubyzip
    heroku-api (0.2.6)
      excon (~> 0.14.0)
    hike (1.2.1)
    hirefireapp (0.0.8)
    i18n (0.6.0)
    journey (1.0.4)
    jquery-rails (2.0.2)
      railties (>= 3.2.0, < 5.0)
      thor (~> 0.14)
    json (1.7.3)
    kaminari (0.13.0)
      actionpack (>= 3.0.0)
      activesupport (>= 3.0.0)
      railties (>= 3.0.0)
    launchy (2.1.0)
      addressable (~> 2.2.6)
    mail (2.4.4)
      i18n (>= 0.4.0)
      mime-types (~> 1.16)
      treetop (~> 1.4.8)
    mime-types (1.19)
    multi_json (1.3.6)
    netrc (0.7.4)
    nokogiri (1.5.4)
    orm_adapter (0.3.0)
    pg (0.13.2)
    polyamorous (0.5.0)
      activerecord (~> 3.0)
    polyglot (0.3.3)
    rack (1.4.1)
    rack-cache (1.2)
      rack (>= 0.4)
    rack-ssl (1.3.2)
      rack
    rack-test (0.6.1)
      rack (>= 1.0)
    rails (3.2.3)
      actionmailer (= 3.2.3)
      actionpack (= 3.2.3)
      activerecord (= 3.2.3)
      activeresource (= 3.2.3)
      activesupport (= 3.2.3)
      bundler (~> 1.0)
      railties (= 3.2.3)
    railties (3.2.3)
      actionpack (= 3.2.3)
      activesupport (= 3.2.3)
      rack-ssl (~> 1.3.2)
      rake (>= 0.8.7)
      rdoc (~> 3.4)
      thor (~> 0.14.6)
    rake (0.9.2.2)
    rdoc (3.12)
      json (~> 1.4)
    rest-client (1.6.7)
      mime-types (>= 1.16)
    roadie (2.3.1)
      actionmailer (> 3.0.0, < 3.3.0)
      css_parser
      nokogiri (>= 1.4.4)
      sprockets
    rspec (2.10.0)
      rspec-core (~> 2.10.0)
      rspec-expectations (~> 2.10.0)
      rspec-mocks (~> 2.10.0)
    rspec-core (2.10.1)
    rspec-expectations (2.10.0)
      diff-lcs (~> 1.1.3)
    rspec-mocks (2.10.1)
    rspec-rails (2.10.1)
      actionpack (>= 3.0)
      activesupport (>= 3.0)
      railties (>= 3.0)
      rspec (~> 2.10.0)
    rubyzip (0.9.9)
    sass (3.1.19)
    sass-rails (3.2.5)
      railties (~> 3.2.0)
      sass (>= 3.1.10)
      tilt (~> 1.3)
    simple_form (2.0.2)
      actionpack (~> 3.0)
      activemodel (~> 3.0)
    sprockets (2.1.3)
      hike (~> 1.2)
      rack (~> 1.0)
      tilt (~> 1.1, != 1.3.0)
    squeel (1.0.6)
      activerecord (~> 3.0)
      activesupport (~> 3.0)
      polyamorous (~> 0.5.0)
    thin (1.3.1)
      daemons (>= 1.0.9)
      eventmachine (>= 0.12.6)
      rack (>= 1.0.0)
    thor (0.14.6)
    tilt (1.3.3)
    timeline_fu (0.3.0)
    transloadit (1.0.2)
      json
      rest-client
    transloadit-rails (1.0.6)
      railties (~> 3)
      transloadit (>= 1.0.2)
    treetop (1.4.10)
      polyglot
      polyglot (>= 0.3.1)
    turn (0.9.5)
      ansi
    tzinfo (0.3.33)
    uglifier (1.2.5)
      execjs (>= 0.3.0)
      multi_json (~> 1.3)
    uuidtools (2.1.2)
    valid_email (0.0.4)
      activemodel
      mail
    warden (1.2.1)
      rack (>= 1.0)

PLATFORMS
  ruby

DEPENDENCIES
  acts_as_commentable_with_threading!
  airbrake
  awesome_print
  coffee-rails (~> 3.2.1)
  daemons
  delayed_job_active_record (~> 0.2.1)
  devise
  exceptional
  factory_girl_rails (~> 3.0)
  heroku
  hirefireapp
  jquery-rails
  kaminari
  pg
  rails (= 3.2.3)
  roadie (>= 2.3.1)
  rspec-rails (~> 2.6)
  sass-rails (~> 3.2.3)
  simple_form
  squeel
  thin
  timeline_fu
  transloadit-rails (>= 1.0.2)
  turn
  uglifier (>= 1.0.3)
  uuidtools
  valid_email
